GEM
  remote: https://rubygems.org/
  specs:
    debug (1.9.2)
      irb (~> 1.10)
      reline (>= 0.3.8)
    event_stream_parser (1.0.0)
    faraday (2.12.2)
      faraday-net_http (>= 2.0, < 3.5)
      json
      logger
    faraday-multipart (1.1.0)
      multipart-post (~> 2.0)
    faraday-net_http (3.4.0)
      net-http (>= 0.5.0)
    io-console (0.7.2)
    irb (1.14.1)
      rdoc (>= 4.0.0)
      reline (>= 0.4.2)
    json (2.9.1)
    logger (1.6.5)
    multipart-post (2.4.1)
    net-http (0.6.0)
      uri
    psych (5.1.2)
      stringio
    rdoc (6.7.0)
      psych (>= 4.0.0)
    reline (0.5.10)
      io-console (~> 0.5)
    ruby-openai (7.3.1)
      event_stream_parser (>= 0.3.0, < 2.0.0)
      faraday (>= 1)
      faraday-multipart (>= 1)
    stringio (3.1.1)
    thor (1.3.2)
    uri (1.0.2)

PLATFORMS
  arm64-darwin-22
  ruby

DEPENDENCIES
  debug
  ruby-openai
  thor

RUBY VERSION
   ruby 3.4.2p28

BUNDLED WITH
   2.6.2
